GIT
  remote: https://github.com/ilnurnasyrov/rubyweekly_scrapper
  revision: 097cc476523eea3bb46d6d77dce98551cac611c0
  specs:
    rubyweekly_scrapper (0.1.0)
      nokogiri (>= 1.8.4)

GEM
  remote: https://rubygems.org/
  specs:
    mini_portile2 (2.5.3)
    nokogiri (1.11.7)
      mini_portile2 (~> 2.5.0)
      racc (~> 1.4)
    racc (1.5.2)

PLATFORMS
  ruby

DEPENDENCIES
  rubyweekly_scrapper!

BUNDLED WITH
   2.1.4
